PATH
  remote: .
  specs:
    lanyon (0.0.1)
      activesupport
      mustache
      pygments.rb
      rdiscount
      rspec
      sass

GEM
  remote: http://rubygems.org/
  specs:
    activesupport (3.2.6)
      i18n (~> 0.6)
      multi_json (~> 1.0)
    blankslate (2.1.2.4)
    capistrano (2.15.4)
      highline
      net-scp (>= 1.0.0)
      net-sftp (>= 2.0.0)
      net-ssh (>= 2.0.14)
      net-ssh-gateway (>= 1.1.0)
    diff-lcs (1.1.3)
    ffi (1.0.11)
    highline (1.6.19)
    i18n (0.6.0)
    multi_json (1.3.6)
    mustache (0.99.4)
    net-scp (1.1.1)
      net-ssh (>= 2.6.5)
    net-sftp (2.1.2)
      net-ssh (>= 2.6.5)
    net-ssh (2.6.7)
    net-ssh-gateway (1.2.0)
      net-ssh (>= 2.6.5)
    open4 (1.3.0)
    pygments.rb (0.2.12)
      rubypython (~> 0.5.3)
    rack (1.4.1)
    rake (0.9.2.2)
    rdiscount (1.6.8)
    recap (1.0.12)
      capistrano (~> 2.9)
      open4
      thor
    rspec (2.10.0)
      rspec-core (~> 2.10.0)
      rspec-expectations (~> 2.10.0)
      rspec-mocks (~> 2.10.0)
    rspec-core (2.10.1)
    rspec-expectations (2.10.0)
      diff-lcs (~> 1.1.3)
    rspec-mocks (2.10.1)
    rubypython (0.5.3)
      blankslate (>= 2.1.2.3)
      ffi (~> 1.0.7)
    sass (3.1.19)
    thor (0.18.1)

PLATFORMS
  ruby

DEPENDENCIES
  lanyon!
  rack
  rake
  recap
